PATH
  remote: .
  specs:
    mandrake (0.0.1)
      bson_ext (~> 1.7.0)
      mongo (~> 1.7.0)

GEM
  remote: http://rubygems.org/
  specs:
    bson (1.7.1)
    bson_ext (1.7.1)
      bson (~> 1.7.1)
    diff-lcs (1.1.3)
    mongo (1.7.1)
      bson (~> 1.7.1)
    multi_json (1.5.0)
    rake (10.0.2)
    rspec (2.12.0)
      rspec-core (~> 2.12.0)
      rspec-expectations (~> 2.12.0)
      rspec-mocks (~> 2.12.0)
    rspec-core (2.12.1)
    rspec-expectations (2.12.0)
      diff-lcs (~> 1.1.3)
    rspec-mocks (2.12.0)
    simplecov (0.7.1)
      multi_json (~> 1.0)
      simplecov-html (~> 0.7.1)
    simplecov-html (0.7.1)
    timecop (0.5.4)

PLATFORMS
  ruby

DEPENDENCIES
  mandrake!
  rake
  rspec (~> 2.12.0)
  simplecov (~> 0.7.1)
  timecop (~> 0.5.0)
