PATH
  remote: .
  specs:
    mandrake (0.0.1)
      activesupport (~> 3.2.12)
      bson_ext (~> 1.7.0)
      mongo (~> 1.7.0)

GEM
  remote: http://rubygems.org/
  specs:
    activesupport (3.2.12)
      i18n (~> 0.6)
      multi_json (~> 1.0)
    bson (1.7.1)
    bson_ext (1.7.1)
      bson (~> 1.7.1)
    diff-lcs (1.1.3)
    i18n (0.6.1)
    mongo (1.7.1)
      bson (~> 1.7.1)
    multi_json (1.5.0)
    rake (10.0.2)
    redcarpet (2.2.2)
    rspec (2.12.0)
      rspec-core (~> 2.12.0)
      rspec-expectations (~> 2.12.0)
      rspec-mocks (~> 2.12.0)
    rspec-core (2.12.1)
    rspec-expectations (2.12.0)
      diff-lcs (~> 1.1.3)
    rspec-mocks (2.12.0)
    simplecov (0.7.1)
      multi_json (~> 1.0)
      simplecov-html (~> 0.7.1)
    simplecov-html (0.7.1)
    timecop (0.5.4)
    yard (0.8.4.1)

PLATFORMS
  ruby

DEPENDENCIES
  mandrake!
  rake
  redcarpet (~> 2.2.2)
  rspec (~> 2.12.0)
  simplecov (~> 0.7.1)
  timecop (~> 0.5.0)
  yard (~> 0.8.4)
