PATH
  remote: .
  specs:
    mandrake (0.0.1)
      activesupport (~> 3.2.12)
      bson_ext (~> 1.8.3)
      mongo (~> 1.8.3)

GEM
  remote: https://rubygems.org/
  specs:
    activesupport (3.2.12)
      i18n (~> 0.6)
      multi_json (~> 1.0)
    bson (1.8.3)
    bson_ext (1.8.3)
      bson (~> 1.8.3)
    diff-lcs (1.2.1)
    fuubar (1.1.0)
      rspec (~> 2.0)
      rspec-instafail (~> 0.2.0)
      ruby-progressbar (~> 1.0.0)
    i18n (0.6.4)
    mongo (1.8.3)
      bson (~> 1.8.3)
    multi_json (1.6.1)
    rake (10.0.3)
    redcarpet (2.2.2)
    rspec (2.13.0)
      rspec-core (~> 2.13.0)
      rspec-expectations (~> 2.13.0)
      rspec-mocks (~> 2.13.0)
    rspec-core (2.13.0)
    rspec-expectations (2.13.0)
      diff-lcs (>= 1.1.3, < 2.0)
    rspec-instafail (0.2.4)
    rspec-mocks (2.13.0)
    ruby-progressbar (1.0.2)
    simplecov (0.7.1)
      multi_json (~> 1.0)
      simplecov-html (~> 0.7.1)
    simplecov-html (0.7.1)
    timecop (0.6.0)
    yard (0.8.5.2)

PLATFORMS
  ruby

DEPENDENCIES
  fuubar (~> 1.1.0)
  mandrake!
  rake (~> 10.0.3)
  redcarpet (~> 2.2.2)
  rspec (~> 2.13.0)
  simplecov (~> 0.7.1)
  timecop (~> 0.6.0)
  yard (~> 0.8.4)
